GEM
  remote: http://rubygems.org/
  specs:
    git (1.2.5)
    jeweler (1.6.4)
      bundler (~> 1.0)
      git (>= 1.2.5)
      rake
    rake (0.9.2)
    rake-compiler (0.7.9)
      rake
    rspec (1.3.2)

PLATFORMS
  ruby

DEPENDENCIES
  jeweler (~> 1.4)
  rake-compiler (~> 0.7)
  rspec (~> 1.3)
